PATH
  remote: .
  specs:
    html-validator (0.0.2)
      nokogiri
      rake
      test-unit

GEM
  remote: http://rubygems.org/
  specs:
    nokogiri (1.5.6)
    rake (10.0.3)
    test-unit (2.5.4)

PLATFORMS
  ruby

DEPENDENCIES
  html-validator!
