PATH
  remote: .
  specs:
    html-validator (0.0.1)
      nokogiri
      rake
      test-unit

GEM
  remote: http://rubygems.org/
  specs:
    nokogiri (1.5.5)
    rake (0.9.2.2)
    test-unit (2.5.1)

PLATFORMS
  ruby

DEPENDENCIES
  html-validator!
